GIT
  remote: git://github.com/av-ast/wrong.git
  revision: d0ddaa5f57eab94b558f7bb6032875ea0927c4b5
  specs:
    wrong (0.7.0)
      diff-lcs (~> 1.2.0)
      predicated (~> 0.2.6)
      ruby2ruby (>= 2.0.1)
      ruby_parser (>= 3.0.1)
      sexp_processor (>= 4.0)

PATH
  remote: .
  specs:
    battle_asserts (0.0.0)

GEM
  remote: http://rubygems.org/
  specs:
    diff-lcs (1.2.5)
    minitest (5.0.8)
    predicated (0.2.6)
    rake (10.1.1)
    ruby2ruby (2.0.7)
      ruby_parser (~> 3.1)
      sexp_processor (~> 4.0)
    ruby_parser (3.2.2)
      sexp_processor (~> 4.1)
    sexp_processor (4.4.1)

PLATFORMS
  ruby

DEPENDENCIES
  battle_asserts!
  minitest
  rake
  wrong!
